GEM
  remote: https://rubygems.org/
  specs:
    json (1.8.0)
    mcollective (2.2.3)
      json
      stomp
      systemu
    rack (1.5.2)
    rack-protection (1.5.0)
      rack
    rack-test (0.6.2)
      rack (>= 1.0)
    rake (10.0.4)
    sinatra (1.4.2)
      rack (~> 1.5, >= 1.5.2)
      rack-protection (~> 1.4)
      tilt (~> 1.3, >= 1.3.4)
    stomp (1.2.9)
    systemu (2.5.2)
    test-unit (2.5.5)
    tilt (1.4.1)

PLATFORMS
  ruby

DEPENDENCIES
  json
  mcollective
  rack-test
  rake
  sinatra
  test-unit
